GEM
  remote: https://rubygems.org/
  specs:
    ffi (1.15.5)

PLATFORMS
  ruby

DEPENDENCIES
  ffi

BUNDLED WITH
   2.3.25
